PATH
  remote: .
  specs:
    ruby-aaws (0.9.0)

GEM
  remote: http://rubygems.org/
  specs:

PLATFORMS
  ruby

DEPENDENCIES
  ruby-aaws!
